PATH
  remote: /Users/dlaw/dev/gorillib
  specs:
    gorillib (0.4.1pre)
      multi_json (>= 1.1)

GEM
  specs:
    addressable (2.2.8)
    configliere (0.4.10)
      highline (>= 1.5.2)
      json
      multi_json (>= 1.1)
      oj (>= 1.2)
    extlib (0.9.15)
    highline (1.6.13)
    htmlentities (4.3.1)
    json (1.7.3)
    multi_json (1.3.6)
    oj (1.3.0)
    wukong (2.0.2)
      addressable
      configliere
      extlib
      htmlentities

PLATFORMS
  ruby

DEPENDENCIES
  gorillib!
  wukong
